GEM
  remote: http://rubygems.org/
  specs:
    RedCloth (4.3.2)
    albino (1.3.3)
      posix-spawn (>= 0.3.6)
    chunky_png (1.3.11)
    classifier (1.3.5)
      fast-stemmer (~> 1.0.0)
      mathn
      rake
    compass (1.0.3)
      chunky_png (~> 1.2)
      compass-core (~> 1.0.2)
      compass-import-once (~> 1.0.5)
      rb-fsevent (>= 0.9.3)
      rb-inotify (>= 0.9)
      sass (>= 3.3.13, < 3.5)
    compass-core (1.0.3)
      multi_json (~> 1.0)
      sass (>= 3.3.0, < 3.5)
    compass-import-once (1.0.5)
      sass (>= 3.2, < 3.5)
    daemons (1.3.1)
    directory_watcher (1.5.1)
    eventmachine (1.2.7)
    fast-stemmer (1.0.2)
    ffi (1.11.1)
    haml (5.1.0)
      temple (>= 0.8.0)
      tilt
    jekyll (0.11.0)
      albino (>= 1.3.2)
      classifier (>= 1.3.1)
      directory_watcher (>= 1.1.1)
      kramdown (>= 0.13.2)
      liquid (>= 1.9.0)
      maruku (>= 0.5.9)
    kramdown (2.3.1)
      rexml
    liquid (2.2.2)
    maruku (0.7.3)
    mathn (0.1.0)
    mini_portile2 (2.4.0)
    multi_json (1.13.1)
    mustermann (1.0.3)
    nokogiri (1.10.8)
      mini_portile2 (~> 2.4.0)
    pandoc-ruby (2.0.2)
    posix-spawn (0.3.13)
    pygments.rb (1.2.1)
      multi_json (>= 1.0.0)
    rack (2.1.4)
    rack-protection (2.0.5)
      rack
    rack-rewrite (1.5.1)
    rake (12.3.3)
    rb-fsevent (0.10.3)
    rb-inotify (0.10.0)
      ffi (~> 1.0)
    rdiscount (2.2.0.1)
    redcarpet (3.4.0)
    rexml (3.2.4)
    rubypants (0.7.0)
    sass (3.4.25)
    sinatra (2.0.5)
      mustermann (~> 1.0)
      rack (~> 2.0)
      rack-protection (= 2.0.5)
      tilt (~> 2.0)
    stringex (2.8.5)
    temple (0.8.1)
    thin (1.7.2)
      daemons (~> 1.0, >= 1.0.9)
      eventmachine (~> 1.0, >= 1.0.4)
      rack (>= 1, < 3)
    tilt (2.0.9)

PLATFORMS
  ruby

DEPENDENCIES
  RedCloth
  compass (>= 0.11)
  haml (>= 3.1)
  jekyll
  liquid (= 2.2.2)
  nokogiri
  pandoc-ruby
  pygments.rb
  rack (~> 2.1.4)
  rack-rewrite
  rake
  rb-fsevent
  rdiscount
  redcarpet
  rubypants
  sinatra (~> 2.0.2)
  stringex
  thin

RUBY VERSION
   ruby 2.6.5p114

BUNDLED WITH
   1.16.6
