GEM
  remote: http://rubygems.org/
  specs:
    RedCloth (4.2.9)
    albino (1.3.3)
      posix-spawn (>= 0.3.6)
    chunky_png (1.2.8)
    classifier (1.3.3)
      fast-stemmer (>= 1.0.0)
    compass (0.12.2)
      chunky_png (~> 1.2)
      fssm (>= 0.2.7)
      sass (~> 3.1)
    daemons (1.1.9)
    directory_watcher (1.5.1)
    eventmachine (1.0.3)
    fast-stemmer (1.0.2)
    fssm (0.2.10)
    haml (4.0.2)
      tilt
    jekyll (0.11.0)
      albino (>= 1.3.2)
      classifier (>= 1.3.1)
      directory_watcher (>= 1.1.1)
      kramdown (>= 0.13.2)
      liquid (>= 1.9.0)
      maruku (>= 0.5.9)
    kramdown (1.0.2)
    liquid (2.2.2)
    maruku (0.6.1)
      syntax (>= 1.0.0)
    nokogiri (1.5.9)
    pandoc-ruby (0.6.1)
    posix-spawn (0.3.6)
    pygments.rb (0.5.0)
      posix-spawn (~> 0.3.6)
      yajl-ruby (~> 1.1.0)
    rack (1.5.2)
    rack-protection (1.5.3)
      rack
    rack-rewrite (1.3.3)
    rake (10.0.4)
    rb-fsevent (0.9.3)
    rdiscount (2.0.7.3)
    redcarpet (2.2.2)
    rubypants (0.2.0)
    sass (3.2.8)
    sinatra (1.4.5)
      rack (~> 1.4)
      rack-protection (~> 1.4)
      tilt (~> 1.3, >= 1.3.4)
    stringex (1.5.1)
    syntax (1.0.0)
    thin (1.5.1)
      daemons (>= 1.0.9)
      eventmachine (>= 0.12.6)
      rack (>= 1.0.0)
    tilt (1.4.1)
    yajl-ruby (1.1.0)

PLATFORMS
  ruby

DEPENDENCIES
  RedCloth
  compass (>= 0.11)
  haml (>= 3.1)
  jekyll
  liquid (= 2.2.2)
  nokogiri
  pandoc-ruby
  pygments.rb
  rack
  rack-rewrite
  rake
  rb-fsevent
  rdiscount
  redcarpet
  rubypants
  sinatra (~> 1.4.5)
  stringex
  thin
